GEM
  remote: http://rubygems.org/
  specs:
    backports (2.6.2)
    headless (0.3.1)
    httpclient (2.2.5)
    nokogiri (1.5.5)

PLATFORMS
  ruby

DEPENDENCIES
  backports
  headless
  httpclient
  nokogiri
